PATH
  remote: .
  specs:
    conway_game_of_life (0.1.0)

GEM
  remote: https://rubygems.org/
  specs:
    minitest (5.11.3)
    rake (10.0.3)

PLATFORMS
  ruby

DEPENDENCIES
  bundler (~> 1.16)
  conway_game_of_life!
  minitest (~> 5.0)
  rake (~> 10.0)

BUNDLED WITH
   1.16.1
